GEM
  remote: http://rubygems.org/
  specs:
    json (1.8.6)
    rake (12.3.3)
    rdoc (3.12)
      json (~> 1.4)

PLATFORMS
  ruby

DEPENDENCIES
  rake (~> 12.3.3)
  rdoc (~> 3.12)
