GEM
  remote: http://rubygems.org/
  specs:
    rake (12.3.3)
    rdoc (6.3.4.1)

PLATFORMS
  ruby

DEPENDENCIES
  rake (~> 12.3.3)
  rdoc (~> 6.3)
